PATH
  remote: .
  specs:
    pin_payment (0.0.4)

GEM
  remote: https://rubygems.org/
  specs:
    fakeweb (1.3.0)
    rake (10.0.4)

PLATFORMS
  ruby

DEPENDENCIES
  fakeweb
  pin_payment!
  rake
