PATH
  remote: .
  specs:
    pin (0.0.1)

GEM
  remote: https://rubygems.org/
  specs:
    fakeweb (1.3.0)
    rake (10.0.4)

PLATFORMS
  ruby

DEPENDENCIES
  fakeweb
  pin!
  rake
